GEM
  remote: https://rubygems.org/
  specs:
    activemodel (6.1.4)
      activesupport (= 6.1.4)
    activerecord (6.1.4)
      activemodel (= 6.1.4)
      activesupport (= 6.1.4)
    activerecord-import (1.1.0)
      activerecord (>= 3.2)
    activesupport (6.1.4)
      concurrent-ruby (~> 1.0, >= 1.0.2)
      i18n (>= 1.6, < 2)
      minitest (>= 5.1)
      tzinfo (~> 2.0)
      zeitwerk (~> 2.3)
    ast (2.4.2)
    bigdecimal (3.0.2)
    coderay (1.1.3)
    concurrent-ruby (1.1.9)
    enumerable-statistics (2.0.7)
    extpp (0.0.9)
    fastercsv (1.5.5)
    gio2 (3.4.5)
      gobject-introspection (= 3.4.5)
    glib2 (3.4.5)
      native-package-installer (>= 1.0.3)
      pkg-config (>= 1.3.5)
    gobject-introspection (3.4.5)
      glib2 (= 3.4.5)
    i18n (1.8.10)
      concurrent-ruby (~> 1.0)
    method_source (1.0.0)
    minitest (5.14.4)
    native-package-installer (1.1.1)
    parallel (1.20.1)
    parser (3.0.1.1)
      ast (~> 2.4.1)
    pg (1.2.3)
    pkg-config (1.4.6)
    pry (0.14.1)
      coderay (~> 1.1)
      method_source (~> 1.0)
    rainbow (3.0.0)
    rake (13.0.6)
    rcsv (0.3.1)
    red-arrow (4.0.1)
      bigdecimal (>= 2.0.3)
      extpp (>= 0.0.7)
      gio2 (>= 3.3.6)
      native-package-installer
      pkg-config
    regexp_parser (2.1.1)
    rexml (3.2.5)
    rubocop (1.18.1)
      parallel (~> 1.10)
      parser (>= 3.0.0.0)
      rainbow (>= 2.2.2, < 4.0)
      regexp_parser (>= 1.8, < 3.0)
      rexml
      rubocop-ast (>= 1.7.0, < 2.0)
      ruby-progressbar (~> 1.7)
      unicode-display_width (>= 1.4.0, < 3.0)
    rubocop-ast (1.7.0)
      parser (>= 3.0.1.1)
    ruby-progressbar (1.11.0)
    standalone_migrations (1.0.13)
      activerecord (>= 3)
      rake
    tzinfo (2.0.4)
      concurrent-ruby (~> 1.0)
    unicode-display_width (2.0.0)
    unicode_plot (0.0.5)
      enumerable-statistics (>= 2.0.1)
    zeitwerk (2.4.2)

PLATFORMS
  arm64-darwin-20

DEPENDENCIES
  activerecord (~> 6.0, >= 6.0.4)
  activerecord-import
  fastercsv
  pg
  pry
  rcsv
  red-arrow
  rubocop
  standalone_migrations
  unicode_plot

BUNDLED WITH
   2.2.15
